GEM
  remote: http://rubygems.org/
  specs:
    coderay (1.0.7)
    method_source (0.8.1)
    mime-types (1.19)
    multi_json (1.7.2)
    pry (0.9.10)
      coderay (~> 1.0.5)
      method_source (~> 0.8)
      slop (~> 3.3.1)
    rack (1.4.4)
    rake (10.0.3)
    simplecov (0.7.1)
      multi_json (~> 1.0)
      simplecov-html (~> 0.7.1)
    simplecov-html (0.7.1)
    slop (3.3.3)

PLATFORMS
  ruby

DEPENDENCIES
  mime-types
  pry
  rack
  rake
  simplecov
